GEM
  remote: https://rubygems.org/
  specs:
    activemodel (5.2.0)
      activesupport (= 5.2.0)
    activesupport (5.2.0)
      concurrent-ruby (~> 1.0, >= 1.0.2)
      i18n (>= 0.7, < 2)
      minitest (~> 5.1)
      tzinfo (~> 1.1)
    bson (4.3.0)
    coderay (1.1.2)
    colored (1.2)
    concurrent-ruby (1.0.5)
    cri (2.10.1)
      colored (~> 1.2)
    i18n (1.0.1)
      concurrent-ruby (~> 1.0)
    method_source (0.9.0)
    minitest (5.11.3)
    mongo (2.6.1)
      bson (>= 4.3.0, < 5.0.0)
    mongoid (7.0.1)
      activemodel (>= 5.1, < 6.0.0)
      mongo (>= 2.5.1, < 3.0.0)
    pry (0.11.3)
      coderay (~> 1.1.0)
      method_source (~> 0.9.0)
    thread_safe (0.3.6)
    tzinfo (1.2.5)
      thread_safe (~> 0.1)

PLATFORMS
  ruby

DEPENDENCIES
  cri
  mongoid
  pry

BUNDLED WITH
   1.16.1
